PATH
  remote: .
  specs:
    ext_fog_aws (0.1.0)
      fog-aws (~> 1.4)

GEM
  remote: https://rubygems.org/
  specs:
    builder (3.2.3)
    excon (0.59.0)
    fog-aws (1.4.1)
      fog-core (~> 1.38)
      fog-json (~> 1.0)
      fog-xml (~> 0.1)
      ipaddress (~> 0.8)
    fog-core (1.45.0)
      builder
      excon (~> 0.58)
      formatador (~> 0.2)
    fog-json (1.0.2)
      fog-core (~> 1.0)
      multi_json (~> 1.10)
    fog-xml (0.1.3)
      fog-core
      nokogiri (>= 1.5.11, < 2.0.0)
    formatador (0.2.5)
    ipaddress (0.8.3)
    mini_portile2 (2.3.0)
    multi_json (1.12.2)
    nokogiri (1.8.1)
      mini_portile2 (~> 2.3.0)

PLATFORMS
  ruby

DEPENDENCIES
  ext_fog_aws!

BUNDLED WITH
   1.15.4
